PATH
  remote: .
  specs:
    ruboty-zeero (0.0.1)

GEM
  remote: https://rubygems.org/
  specs:
    minitest (5.10.1)
    rake (10.4.2)

PLATFORMS
  ruby

DEPENDENCIES
  bundler (~> 1.13)
  minitest (~> 5.0)
  rake (~> 10.0)
  ruboty-zeero!

BUNDLED WITH
   1.13.6
