PATH
  remote: vendor/ruboty-zeero
  specs:
    ruboty-zeero (0.0.1)
      chrono
      qiita
      ruboty

GEM
  remote: https://rubygems.org/
  specs:
    activesupport (5.1.5)
      concurrent-ruby (~> 1.0, >= 1.0.2)
      i18n (~> 0.7)
      minitest (~> 5.1)
      tzinfo (~> 1.1)
    chrono (0.4.0)
      activesupport
    concurrent-ruby (1.0.5)
    dotenv (2.2.1)
    event_emitter (0.2.6)
    eventmachine (1.2.5)
    faraday (0.14.0)
      multipart-post (>= 1.2, < 3)
    faraday_middleware (0.10.1)
      faraday (>= 0.7.4, < 1.0)
    faye-websocket (0.10.7)
      eventmachine (>= 0.12.0)
      websocket-driver (>= 0.5.1)
    i18n (0.9.5)
      concurrent-ruby (~> 1.0)
    mem (0.1.5)
    minitest (5.11.3)
    multi_json (1.13.1)
    multipart-post (2.0.0)
    qiita (1.1.1)
      activesupport
      faraday (~> 0.9)
      faraday_middleware
      rack
      rainbow
      rouge
      slop
    rack (2.0.4)
    rainbow (3.0.0)
    rake (12.3.0)
    redis (4.0.1)
    redis-namespace (1.6.0)
      redis (>= 3.0.4)
    rouge (3.1.1)
    ruboty (1.3.0)
      activesupport
      bundler
      dotenv
      mem
      slop
    ruboty-redis (0.0.6)
      redis
      redis-namespace
      ruboty
    ruboty-slack_rtm (3.0.0)
      faraday (~> 0.11)
      ruboty (>= 1.1.4)
      slack-api (~> 1.6)
      websocket-client-simple (~> 0.3.0)
    slack-api (1.6.1)
      faraday (~> 0.11)
      faraday_middleware (~> 0.10.0)
      faye-websocket (~> 0.10.6)
      multi_json (~> 1.0, >= 1.0.3)
    slop (4.6.2)
    thread_safe (0.3.6)
    tzinfo (1.2.5)
      thread_safe (~> 0.1)
    websocket (1.2.5)
    websocket-client-simple (0.3.0)
      event_emitter
      websocket
    websocket-driver (0.7.0)
      websocket-extensions (>= 0.1.0)
    websocket-extensions (0.1.3)

PLATFORMS
  ruby

DEPENDENCIES
  rake
  ruboty-redis
  ruboty-slack_rtm
  ruboty-zeero!

RUBY VERSION
   ruby 2.3.1p112

BUNDLED WITH
   1.16.1
